GEM
  remote: https://rubygems.org/
  specs:
    ast (2.4.0)
    basiccache (1.0.0)
    codecov (0.1.15)
      json
      simplecov
      url
    curb (0.9.10)
    daemons (1.3.1)
    docile (1.3.2)
    eventmachine (1.2.7)
    faraday (0.17.0)
      multipart-post (>= 1.2, < 3)
    fuubar (2.5.0)
      rspec-core (~> 3.0)
      ruby-progressbar (~> 1.4)
    githubstats (3.0.1)
      basiccache (~> 1.0.0)
      curb (~> 0.9.0)
      nokogiri (~> 1.10.0)
    goodcop (0.8.0)
      fuubar (~> 2.5.0)
      rubocop-performance (~> 1.5.0)
    jaro_winkler (1.5.4)
    json (2.2.0)
    jwt (2.2.1)
    mini_portile2 (2.4.0)
    multipart-post (2.1.1)
    mustermann (1.0.3)
    nokogiri (1.10.4)
      mini_portile2 (~> 2.4.0)
    parallel (1.18.0)
    parser (2.6.5.0)
      ast (~> 2.4.0)
    rack (2.0.7)
    rack-protection (2.0.7)
      rack
    rainbow (3.0.0)
    redis (4.1.3)
    rspec-core (3.9.0)
      rspec-support (~> 3.9.0)
    rspec-support (3.9.0)
    rubocop (0.76.0)
      jaro_winkler (~> 1.5.1)
      parallel (~> 1.10)
      parser (>= 2.6)
      rainbow (>= 2.2.2, < 4.0)
      ruby-progressbar (~> 1.7)
      unicode-display_width (>= 1.4.0, < 1.7)
    rubocop-performance (1.5.0)
      rubocop (>= 0.71.0)
    ruby-progressbar (1.10.1)
    simplecov (0.17.1)
      docile (~> 1.1)
      json (>= 1.8, < 3)
      simplecov-html (~> 0.10.0)
    simplecov-html (0.10.2)
    sinatra (2.0.7)
      mustermann (~> 1.0)
      rack (~> 2.0)
      rack-protection (= 2.0.7)
      tilt (~> 2.0)
    thin (1.7.2)
      daemons (~> 1.0, >= 1.0.9)
      eventmachine (~> 1.0, >= 1.0.4)
      rack (>= 1, < 3)
    tilt (2.0.10)
    twilio-ruby (5.25.4)
      faraday (~> 0.9)
      jwt (>= 1.5, <= 2.5)
      nokogiri (>= 1.6, < 2.0)
    unicode-display_width (1.6.0)
    url (0.3.2)

PLATFORMS
  ruby

DEPENDENCIES
  basiccache (~> 1.0.0)
  codecov (~> 0.1.1)
  githubstats (~> 3.0.0)
  goodcop (~> 0.8.0)
  redis (~> 4.1.0)
  sinatra (~> 2.0.0)
  thin (~> 1.7.0)
  twilio-ruby (~> 5.25.1)

RUBY VERSION
   ruby 2.6.1p33

BUNDLED WITH
   2.0.2
