GEM
  remote: https://rubygems.org/
  specs:
    ast (2.2.0)
    basiccache (1.0.0)
    builder (3.2.2)
    codecov (0.1.4)
      json
      simplecov
      url
    curb (0.9.1)
    daemons (1.2.3)
    diff-lcs (1.2.5)
    docile (1.1.5)
    eventmachine (1.0.9.1)
    fuubar (2.0.0)
      rspec (~> 3.0)
      ruby-progressbar (~> 1.4)
    githubstats (1.1.0)
      basiccache (~> 1.0.0)
      curb (~> 0.9.0)
      nokogiri (~> 1.6.5)
    json (1.8.3)
    jwt (1.5.2)
    mini_portile2 (2.0.0)
    multi_json (1.11.2)
    nokogiri (1.6.7.2)
      mini_portile2 (~> 2.0.0.rc2)
    parser (2.3.0.2)
      ast (~> 2.2)
    powerpack (0.1.1)
    rack (1.6.4)
    rack-protection (1.5.3)
      rack
    rainbow (2.1.0)
    rake (10.5.0)
    redis (3.2.2)
    rspec (3.4.0)
      rspec-core (~> 3.4.0)
      rspec-expectations (~> 3.4.0)
      rspec-mocks (~> 3.4.0)
    rspec-core (3.4.2)
      rspec-support (~> 3.4.0)
    rspec-expectations (3.4.0)
      diff-lcs (>= 1.2.0, < 2.0)
      rspec-support (~> 3.4.0)
    rspec-mocks (3.4.1)
      diff-lcs (>= 1.2.0, < 2.0)
      rspec-support (~> 3.4.0)
    rspec-support (3.4.1)
    rubocop (0.36.0)
      parser (>= 2.3.0.0, < 3.0)
      powerpack (~> 0.1)
      rainbow (>= 1.99.1, < 3.0)
      ruby-progressbar (~> 1.7)
    ruby-progressbar (1.7.5)
    simplecov (0.11.1)
      docile (~> 1.1.0)
      json (~> 1.8)
      simplecov-html (~> 0.10.0)
    simplecov-html (0.10.0)
    sinatra (1.4.7)
      rack (~> 1.5)
      rack-protection (~> 1.4)
      tilt (>= 1.3, < 3)
    thin (1.6.4)
      daemons (~> 1.0, >= 1.0.9)
      eventmachine (~> 1.0, >= 1.0.4)
      rack (~> 1.0)
    tilt (2.0.2)
    twilio-ruby (4.10.0)
      builder (>= 2.1.2)
      jwt (~> 1.0)
      multi_json (>= 1.3.0)
    url (0.3.2)

PLATFORMS
  ruby

DEPENDENCIES
  basiccache (~> 1.0.0)
  codecov (~> 0.1.1)
  fuubar (~> 2.0.0)
  githubstats (~> 1.1.0)
  rake (~> 10.5.0)
  redis (~> 3.2.0)
  rspec (~> 3.4.0)
  rubocop (~> 0.36.0)
  sinatra (~> 1.4.6)
  thin (~> 1.6.2)
  twilio-ruby (~> 4.10.0)

BUNDLED WITH
   1.11.2
